GEM
  specs:
    builder (3.2.2)
    jwt (1.4.1)
    multi_json (1.11.0)
    twilio-ruby (4.1.0)
      builder (>= 2.1.2)
      jwt (~> 1.0)
      multi_json (>= 1.3.0)

PLATFORMS
  ruby

DEPENDENCIES
  twilio-ruby

BUNDLED WITH
   1.10.6
